GEM
  remote: https://rubygems.org/
  specs:
    fakefs (0.6.7)
    metaclass (0.0.4)
    minitest (5.8.1)
    mocha (1.1.0)
      metaclass (~> 0.0.1)
    rack (1.6.4)
    rack-test (0.6.3)
      rack (>= 1.0)
    rake (10.5.0)
    thor (0.19.1)

PLATFORMS
  ruby

DEPENDENCIES
  fakefs
  minitest
  mocha
  rack-test
  rake
  thor

BUNDLED WITH
   1.11.2
